GEM
  remote: https://rubygems.org/
  specs:
    mocha (1.11.2)
    power_assert (1.1.7)
    rake (13.0.1)
    test-unit (3.3.5)
      power_assert

PLATFORMS
  ruby

DEPENDENCIES
  mocha
  rake
  test-unit

BUNDLED WITH
   2.0.2
